PATH
  remote: .
  specs:
    crispy-grid (0.5.0)
      compass (>= 0.11)
      sass (>= 3.1.2)

GEM
  remote: http://rubygems.org/
  specs:
    chunky_png (1.3.1)
    compass (0.12.6)
      chunky_png (~> 1.2)
      fssm (>= 0.2.7)
      sass (~> 3.2.19)
    fssm (0.2.10)
    sass (3.2.19)

PLATFORMS
  ruby

DEPENDENCIES
  crispy-grid!
