PATH
  remote: .
  specs:
    crispy-grid (0.0.1)
      compass (>= 0.11)
      sass (>= 3.1.0)

GEM
  remote: http://rubygems.org/
  specs:
    chunky_png (1.2.5)
    compass (0.11.3)
      chunky_png (~> 1.2)
      fssm (>= 0.2.7)
      sass (~> 3.1)
    fssm (0.2.7)
    sass (3.1.10)

PLATFORMS
  ruby

DEPENDENCIES
  crispy-grid!
